GEM
  remote: http://rubygems.org/
  specs:
    base64 (0.2.0)
    haml (3.1.7)
    mustermann (3.0.0)
      ruby2_keywords (~> 0.0.1)
    rack (3.0.8)
    rack-protection (4.0.0)
      base64 (>= 0.1.0)
      rack (>= 3.0.0, < 4)
    rack-session (2.0.0)
      rack (>= 3.0.0)
    ruby2_keywords (0.0.5)
    sass (3.2.2)
    sinatra (4.0.0)
      mustermann (~> 3.0)
      rack (>= 3.0.0, < 4)
      rack-protection (= 4.0.0)
      rack-session (>= 2.0.0, < 3)
      tilt (~> 2.0)
    thor (0.16.0)
    tilt (2.3.0)
    watchr (0.7)

PLATFORMS
  ruby

DEPENDENCIES
  haml
  rack
  sass
  sinatra (>= 4.0.0)
  thor
  watchr

BUNDLED WITH
   2.1.4
