GEM
  remote: http://rubygems.org/
  specs:
    haml (3.1.7)
    rack (3.0.0)
    sass (3.2.2)
    sinatra (1.0)
      rack (>= 1.0)
    thor (0.16.0)
    watchr (0.7)

PLATFORMS
  ruby

DEPENDENCIES
  haml
  rack (>= 3.0.0)
  sass
  sinatra
  thor
  watchr

BUNDLED WITH
   2.1.4
