GEM
  remote: http://rubygems.org/
  specs:
    haml (3.1.7)
    mustermann (1.1.1)
      ruby2_keywords (~> 0.0.1)
    rack (2.2.3.1)
    rack-protection (2.2.0)
      rack
    ruby2_keywords (0.0.5)
    sass (3.2.2)
    sinatra (2.2.0)
      mustermann (~> 1.0)
      rack (~> 2.2)
      rack-protection (= 2.2.0)
      tilt (~> 2.0)
    thor (0.16.0)
    tilt (2.0.10)
    watchr (0.7)

PLATFORMS
  ruby

DEPENDENCIES
  haml
  rack (>= 2.0.9.1)
  sass
  sinatra (>= 2.0.0)
  thor
  watchr

BUNDLED WITH
   2.1.4
