GEM
  remote: http://rubygems.org/
  specs:
    haml (3.1.7)
    mustermann (3.0.0)
      ruby2_keywords (~> 0.0.1)
    rack (2.2.6.3)
    rack-protection (3.0.5)
      rack
    ruby2_keywords (0.0.5)
    sass (3.2.2)
    sinatra (3.0.5)
      mustermann (~> 3.0)
      rack (~> 2.2, >= 2.2.4)
      rack-protection (= 3.0.5)
      tilt (~> 2.0)
    thor (0.16.0)
    tilt (2.1.0)
    watchr (0.7)

PLATFORMS
  ruby

DEPENDENCIES
  haml
  rack (>= 2.0.9.3)
  sass
  sinatra (>= 2.0.0)
  thor
  watchr

BUNDLED WITH
   2.1.4
